FRAMEWORK: NET461
NUGET
  remote: https://www.nuget.org/api/v2
    Argu (3.7)
    Expecto (4.0.3)
      Argu (>= 3.2)
      FSharp.Core (>= 3.1.2.5)
      Mono.Cecil (>= 0.9.6.4)
    FSharp.Core (4.0.0.1) - redirects: force
    Mono.Cecil (0.9.6.4)
    xunit (2.2)
      xunit.assert (2.2)
      xunit.core (2.2)
    xunit.abstractions (2.0.1)
    xunit.assert (2.2)
    xunit.core (2.2)
      xunit.extensibility.core (2.2)
      xunit.extensibility.execution (2.2)
    xunit.extensibility.core (2.2)
      xunit.abstractions (>= 2.0.1)
    xunit.extensibility.execution (2.2)
      xunit.extensibility.core (2.2)
    xunit.runner.visualstudio (2.2.0) - version_in_path: true
GITHUB
  remote: rspeele/TaskBuilder.fs
    TaskBuilder.fs (66fc701d2258e434168caed2941602412e35715b)
GROUP build
NUGET
  remote: https://www.nuget.org/api/v2
    xunit.runner.console (2.2)
